GEM
  remote: https://rubygems.org/
  specs:
    byebug (11.0.1)
    mustermann (1.0.3)
    rack (2.0.7)
    rack-protection (2.0.5)
      rack
    shotgun (0.9.2)
      rack (>= 1.0)
    sinatra (2.0.5)
      mustermann (~> 1.0)
      rack (~> 2.0)
      rack-protection (= 2.0.5)
      tilt (~> 2.0)
    tilt (2.0.9)
    yaml_store (1.0.0)
    csv (3.1.2, default: 3.0.9)
    date (default: 2.0.0)
    pill_chart (1.1.0)

PLATFORMS
  ruby

DEPENDENCIES
  byebug
  shotgun
  sinatra
  yaml_store

BUNDLED WITH
   2.0.2
